GEM
  remote: https://rubygems.org/
  specs:
    backports (3.15.0)
    haml (5.1.2)
      temple (>= 0.8.0)
      tilt
    multi_json (1.14.1)
    mustermann (1.0.3)
    rack (2.2.6.2)
    rack-protection (2.0.7)
      rack
    redis (4.1.3)
    sinatra (2.0.7)
      mustermann (~> 1.0)
      rack (~> 2.0)
      rack-protection (= 2.0.7)
      tilt (~> 2.0)
    sinatra-contrib (2.0.7)
      backports (>= 2.8.2)
      multi_json
      mustermann (~> 1.0)
      rack-protection (= 2.0.7)
      sinatra (= 2.0.7)
      tilt (~> 2.0)
    temple (0.8.2)
    tilt (2.0.10)

PLATFORMS
  ruby

DEPENDENCIES
  haml!
  redis!
  sinatra!
  sinatra-contrib!

BUNDLED WITH
   1.17.2
